##TITLE= Parameter file, TopSpin 3.5 pl 7
##JCAMPDX= 5.0
##DATATYPE= Parameter Values
##NPOINTS= 101094	$$ modification sequence number
##ORIGIN= Bruker BioSpin GmbH
##OWNER= nmrsu
$$ 2022-03-21 10:10:44.959 -0400  nmr@b400
$$ /opt/topspin3.5pl7/conf/instr/spect/specpar
$$ process /opt/topspin3.5pl7/prog/mod/hconfserver
##$HPPRECH= (0..15)
-1 -1 -1 -1 -1 -1 -1 -1 -1 -1 -1 -1 -1 -1 -1 -1
##$HPSELECT= no
##$NUC1= 20
##$NUC2= 1
##$NUC3= 0
##$NUC4= 0
##$NUC5= 0
##$NUC6= 0
##$NUC7= 0
##$NUC8= 0
##$NUCARR= (0..123)
400.18 400.18 61.430067 426.847891 304.854871 58.890833 155.525143 56.232545
42.993971 128.393647 100.625341 28.908543 40.549887 54.25023 376.545413
31.591394 105.855213 24.497559 104.274338 79.504509 161.995833 30.717817
39.209272 32.63758 18.673891 10.24983 26.93223 97.210713 22.560284 22.566298
39.899183 105.259137 22.620158 99.201493 12.95694 94.951005 35.760289 106.10962
113.665899 25.038474 96.048618 122.04171 13.959539 68.521277 76.320381
20.88028 100.261017 108.074684 15.397326 38.637151 130.940713 17.343089
19.609612 37.201925 97.948737 26.079434 26.626757 90.073819 18.428893 20.654766
12.751524 18.312637 16.198562 18.622508 84.900108 88.812648 87.502378 87.689959
130.93389 142.593174 149.229651 95.765383 51.860195 104.726074 126.255866
80.065957 111.290802 32.990523 52.488177 39.75571 44.471715 52.80095 56.52799
122.535116 21.80981 13.446048 16.687506 13.766192 99.484748 43.939764 12.285526
16.127254 96.203272 13.766192 19.288676 85.398412 11.525184 33.174922 70.028723
19.292678 45.636527 32.538636 16.035213 10.072531 47.979981 16.673047 90.138944
91.047353 9.133432 31.075578 6.875092 7.487368 86.02583 6.919112 71.675527
26.458233 228.595622 230.839183 83.720053 64.306077 7.368915 100 100 100
##$NUCOFFS= (0..127)
<2H> <1H> <6Li> <7Li> <11B> <99Tc> <13C> <79Br> <31P> <19F> <15N> <45Sc>
<21Ne> <43Ca> <183W> <67Zn> <81Br> <17O> <75As> <61Ni> <63Cu> <73Ge> <71Ga>
<87Rb> <89Y> <87Sr> <91Zr> <95Mo> <29Si> <27Al> <23Na> <> <> <> <> <> <>
<> <> <> <> <> <> <> <> <> <> <> <> <> <> <> <> <> <> <> <> <> <> <> <>
<> <> <> <> <> <> <> <> <> <> <> <> <> <> <> <> <> <> <> <> <> <> <> <>
<> <> <> <> <> <> <> <> <> <> <> <> <> <> <> <> <> <> <> <> <> <> <> <>
<> <> <> <> <> <> <> <> <> <> <> <> <> <> <> <> <> <> <>
##$OFFS= (0..127)
0 0 0 0 0 0 0 0 0 0 0 0 0 0 0 0 0 0 0 0 0 0 0 0 0 0 0 0 0 0 0 0 0 0 0 0
0 0 0 0 0 0 0 0 0 0 0 0 0 0 0 0 0 0 0 0 0 0 0 0 0 0 0 0 0 0 0 0 0 0 0 0
0 0 0 0 0 0 0 0 0 0 0 0 0 0 0 0 0 0 0 0 0 0 0 0 0 0 0 0 0 0 0 0 0 0 0 0
0 0 0 0 0 0 0 0 0 0 0 0 0 0 0 0 0 0 0 0
##$OFFSF= (0..7)
-43302.6999999697 0 0 0 0 0 0 0
##$OFFSH= (0..7)
2471.29999996787 508.7 0 0 0 0 0 0
##$OFFSX= (0..7)
-136.099999991757 0.3 0 0 0 0 0 0
##$PRECHAN= (0..15)
-1 4 -1 1 -1 2 -1 -1 -1 -1 -1 -1 -1 -1 -1 -1
##$RECPRE= (0..15)
-1 0 -1 -1 -1 -1 -1 -1 -1 -1 -1 -1 -1 -1 -1 -1
##$RECPRFX= (0..15)
1 0 0 0 0 0 0 0 0 0 0 0 0 0 0 0
##$RECSEL= (0..15)
0 0 0 1 0 0 0 0 0 0 0 0 0 0 0 0
##$SELREC= (0..9)
0 0 0 0 0 0 0 0 0 0
##$SFO1= 161.999721
##$SFO2= 400.1812
##$SFO3= 400.18
##$SFO4= 400.18322
##$SFO5= 400.18322
##$SFO6= 400.18322
##$SFO7= 400.18322
##$SFO8= 400.18322
##END=
